{
  "AcquisitionMatrixPE": 90,
  "AcquisitionNumber": 1,
  "BandwidthPerPixelPhaseEncode": 21.786,
  "BaseResolution": 90,
  "BodyPartExamined": "BRAIN",
  "CogAtlasID": "http://www.cognitiveatlas.org/task/id/TODO",
  "CoilCombinationMethod": "Sum of Squares",
  "ConsistencyInfo": "N4_VE11C_LATEST_20160120",
  "ConversionSoftware": "dcm2niix",
  "ConversionSoftwareVersion": "v1.0.20220505",
  "DerivedVendorReportedEchoSpacing": 0.000510012,
  "DeviceSerialNumber": "167024",
  "EchoTime": 0.03,
  "EchoTrainLength": 90,
  "EffectiveEchoSpacing": 0.000510012,
  "FlipAngle": 52,
  "HeudiconvVersion": "1.3.2",
  "ImageType": [
    "ORIGINAL",
    "PRIMARY",
    "M",
    "ND",
    "MOSAIC"
],
  "InPlanePhaseEncodingDirectionDICOM": "COL",
  "InstitutionAddress": "Spruce Street 3400,Philadelphia,Pennsylvania,US,19104",
  "MRAcquisitionType": "2D",
  "MagneticFieldStrength": 3,
  "Manufacturer": "Siemens",
  "ManufacturersModelName": "Prisma_fit",
  "Modality": "MR",
  "MultibandAccelerationFactor": 6,
  "PartialFourier": 1,
  "PatientPosition": "HFS",
  "PercentPhaseFOV": 100,
  "PercentSampling": 100,
  "PhaseEncodingDirection": "j",
  "PhaseEncodingSteps": 90,
  "PhaseResolution": 1,
  "PixelBandwidth": 2780,
  "PulseSequenceDetails": "%CustomerSeq%\\ep2d_bold_sms_abcd",
  "ReceiveCoilActiveElements": "HEA;HEP",
  "ReceiveCoilName": "Head_32",
  "ReconMatrixPE": 90,
  "RefLinesPE": 22,
  "RepetitionTime": 0.8,
  "ScanOptions": "FS\\CT",
  "ScanningSequence": "EP",
  "SequenceName": "epfid2d1_90",
  "SequenceVariant": "SK",
  "SliceThickness": 2.4,
  "SoftwareVersions": "syngo MR E11",
  "SpacingBetweenSlices": 2.4,
  "StationName": "HUP FNDBA MR2",
  "TaskName": "Fractal N-back Task",
  "TotalReadoutTime": 0.045391}
